GEM
  remote: https://rubygems.org/
  specs:
    CFPropertyList (2.2.8)
    colored (1.2)
    cri (2.6.1)
      colored (~> 1.2)
    facter (2.4.6)
      CFPropertyList (~> 2.2.6)
    faraday (0.9.2)
      multipart-post (>= 1.2, < 3)
    faraday_middleware (0.10.0)
      faraday (>= 0.7.4, < 0.10)
    hiera (1.3.4)
      json_pure
    json_pure (1.8.3)
    log4r (1.1.10)
    minitar (0.9)
    multi_json (1.12.1)
    multipart-post (2.0.0)
    puppet (3.8.7)
      facter (> 1.6, < 3)
      hiera (~> 1.0)
      json_pure
    puppet-lint (1.1.0)
    puppet_forge (2.2.1)
      faraday (~> 0.9.0)
      faraday_middleware (>= 0.9.0, < 0.11.0)
      minitar
      semantic_puppet (~> 0.1.0)
    r10k (2.3.0)
      colored (= 1.2)
      cri (~> 2.6.1)
      log4r (= 1.1.10)
      minitar
      multi_json (~> 1.10)
      puppet_forge (~> 2.2)
      semantic_puppet (~> 0.1.0)
    semantic_puppet (0.1.3)

PLATFORMS
  ruby

DEPENDENCIES
  puppet (< 4.0)
  puppet-lint
  r10k
